GIT
  remote: https://github.com/AlfonsoUceda/router.git
  revision: 008a6770e9fd2b3e46fd4f5de0cab431297f5bc8
  branch: fix-container-router-bug
  specs:
    lotus-router (0.4.1)
      http_router (~> 0.11)
      lotus-utils (~> 0.5)

GEM
  remote: https://rubygems.org/
  specs:
    byebug (5.0.0)
      columnize (= 0.9.0)
    capybara (2.4.4)
      mime-types (>= 1.16)
      nokogiri (>= 1.3.3)
      rack (>= 1.0.0)
      rack-test (>= 0.5.4)
      xpath (~> 2.0)
    columnize (0.9.0)
    dotenv (2.0.2)
    faraday (0.9.1)
      multipart-post (>= 1.2, < 3)
    http_router (0.11.1)
      rack (>= 1.0.0)
      url_mount (~> 0.2.1)
    lotus-controller (0.4.4)
      lotus-utils (~> 0.5)
      lotus-validations (~> 0.3)
      rack (~> 1.5)
    lotus-helpers (0.2.0)
      lotus-utils (~> 0.5)
    lotus-model (0.4.0)
      lotus-utils (~> 0.5)
      sequel (~> 4.9)
    lotus-utils (0.5.0)
    lotus-validations (0.3.2)
      lotus-utils (~> 0.4)
    lotus-view (0.4.2)
      lotus-utils (~> 0.5)
      tilt (~> 2.0, >= 2.0.1)
    lotusrb (0.4.0)
      dotenv (~> 2.0)
      lotus-controller (~> 0.4, >= 0.4.4)
      lotus-helpers (~> 0.2)
      lotus-router (~> 0.4, >= 0.4.1)
      lotus-utils (~> 0.5)
      lotus-view (~> 0.4)
      shotgun (~> 0.9)
      thor (~> 0.19)
    mime-types (2.6.1)
    mini_portile (0.6.2)
    minitest (5.7.0)
    multipart-post (2.0.0)
    nokogiri (1.6.6.2)
      mini_portile (~> 0.6.0)
    pg (0.18.2)
    puma (2.11.3)
      rack (>= 1.1, < 2.0)
    rack (1.6.4)
    rack-test (0.6.3)
      rack (>= 1.0)
    rake (10.4.2)
    sequel (4.23.0)
    shotgun (0.9.1)
      rack (>= 1.0)
    thor (0.19.1)
    tilt (2.0.1)
    url_mount (0.2.1)
      rack
    xpath (2.0.0)
      nokogiri (~> 1.3)

PLATFORMS
  ruby

DEPENDENCIES
  bundler
  byebug
  capybara
  faraday
  lotus-model (~> 0.4)
  lotus-router!
  lotusrb (= 0.4.0)
  minitest
  nokogiri
  pg
  puma
  rake

BUNDLED WITH
   1.10.5
